GIT
  remote: git://github.com/defunkt/fakefs.git
  revision: f37bf8d6e15ecbfaea46380f2a1240c6e42e363d
  specs:
    fakefs (0.4.1)

GIT
  remote: git://github.com/sporkrb/spork.git
  revision: 8ac98544869c3b4c5cf1f664b2d9281bb75c7e3e
  specs:
    spork (1.0.0rc3)

GEM
  remote: http://rubygems.org/
  specs:
    abstract (1.0.0)
    actionmailer (3.0.9)
      actionpack (= 3.0.9)
      mail (~> 2.2.19)
    actionpack (3.0.9)
      activemodel (= 3.0.9)
      activesupport (= 3.0.9)
      builder (~> 2.1.2)
      erubis (~> 2.6.6)
      i18n (~> 0.5.0)
      rack (~> 1.2.1)
      rack-mount (~> 0.6.14)
      rack-test (~> 0.5.7)
      tzinfo (~> 0.3.23)
    activemodel (3.0.9)
      activesupport (= 3.0.9)
      builder (~> 2.1.2)
      i18n (~> 0.5.0)
    activerecord (3.0.9)
      activemodel (= 3.0.9)
      activesupport (= 3.0.9)
      arel (~> 2.0.10)
      tzinfo (~> 0.3.23)
    activeresource (3.0.9)
      activemodel (= 3.0.9)
      activesupport (= 3.0.9)
    activesupport (3.0.9)
    addressable (2.3.2)
    amqp (0.7.4)
      eventmachine
    arel (2.0.10)
    blather (0.4.15)
      eventmachine (>= 0.12.6)
      nokogiri (>= 1.4.0)
    builder (2.1.2)
    capybara (1.1.3)
      mime-types (>= 1.16)
      nokogiri (>= 1.3.3)
      rack (>= 1.0.0)
      rack-test (>= 0.5.4)
      selenium-webdriver (~> 2.0)
      xpath (~> 0.1.4)
    childprocess (0.3.6)
      ffi (~> 1.0, >= 1.0.6)
    ci_reporter (1.6.5)
      builder (>= 2.1.2)
    coderay (1.0.8)
    crack (0.1.6)
    daemon_controller (0.2.5)
    daemons (1.1.0)
    database_cleaner (0.9.1)
    decent_exposure (1.0.1)
    diff-lcs (1.1.3)
    dynamic_form (1.1.4)
    erubis (2.6.6)
      abstract (>= 1.0.0)
    eventmachine (0.12.10)
    factory_girl (2.6.4)
      activesupport (>= 2.3.9)
    ffaker (1.8.0)
    ffi (1.1.5)
    guard (1.5.3)
      listen (>= 0.4.2)
      lumberjack (>= 1.0.2)
      pry (>= 0.9.10)
      thor (>= 0.14.6)
    guard-rspec (2.1.1)
      guard (>= 1.1)
      rspec (~> 2.11)
    guard-spork (1.2.3)
      childprocess (>= 0.2.3)
      guard (>= 1.1)
      spork (>= 0.8.4)
      sys-proctable
    guard-test (0.6.0)
      guard (>= 1.1)
      test-unit (~> 2.2)
    guid (0.1.1)
    hashie (0.2.2)
    httparty (0.5.2)
      crack (= 0.1.6)
    i18n (0.5.0)
    jquery-rails (1.0.13)
      railties (~> 3.0)
      thor (~> 0.14)
    json (1.2.4)
    jwt (0.1.3)
      json (>= 1.2.4)
    libwebsocket (0.1.5)
      addressable
    listen (0.5.3)
    lumberjack (1.0.2)
    machinist (1.0.6)
    mail (2.2.19)
      activesupport (>= 2.3.6)
      i18n (>= 0.4.0)
      mime-types (~> 1.16)
      treetop (~> 1.4.8)
    memcache-client (1.8.5)
    method_source (0.8.1)
    mime-types (1.16)
    mocha (0.9.12)
    multi_json (1.0.3)
    mysql (2.8.1)
    nokogiri (1.5.0)
    oauth (0.3.6)
      ruby-hmac (>= 0.3.1)
    polyglot (0.3.2)
    pry (0.9.10)
      coderay (~> 1.0.5)
      method_source (~> 0.8)
      slop (~> 3.3.1)
    qst_client (0.5)
      httparty
    rack (1.2.3)
    rack-mount (0.6.14)
      rack (>= 1.0.0)
    rack-test (0.5.7)
      rack (>= 1.0)
    rails (3.0.9)
      actionmailer (= 3.0.9)
      actionpack (= 3.0.9)
      activerecord (= 3.0.9)
      activeresource (= 3.0.9)
      activesupport (= 3.0.9)
      bundler (~> 1.0)
      railties (= 3.0.9)
    railties (3.0.9)
      actionpack (= 3.0.9)
      activesupport (= 3.0.9)
      rake (>= 0.8.7)
      rdoc (~> 3.4)
      thor (~> 0.14.4)
    rake (0.9.2)
    rb-inotify (0.8.8)
      ffi (>= 0.5.0)
    rdoc (3.9.2)
    rest-client (1.6.3)
      mime-types (>= 1.16)
    rgviz (0.42)
    rgviz-rails (0.48)
      rgviz
    rspec (2.11.0)
      rspec-core (~> 2.11.0)
      rspec-expectations (~> 2.11.0)
      rspec-mocks (~> 2.11.0)
    rspec-core (2.11.1)
    rspec-expectations (2.11.3)
      diff-lcs (~> 1.1.3)
    rspec-mocks (2.11.3)
    rspec-rails (2.11.4)
      actionpack (>= 3.0)
      activesupport (>= 3.0)
      railties (>= 3.0)
      rspec (~> 2.11.0)
    ruby-cache (0.3.0)
    ruby-hmac (0.4.0)
    ruby-smpp (0.2.1)
      eventmachine (>= 0.10.0)
    rubyzip (0.9.9)
    selenium-webdriver (2.26.0)
      childprocess (>= 0.2.5)
      libwebsocket (~> 0.1.3)
      multi_json (~> 1.0)
      rubyzip
    slop (3.3.3)
    smart_asset (0.5.4)
    sys-proctable (0.9.2)
    test-unit (2.3.2)
    thor (0.14.6)
    thoughtbot-shoulda (2.11.1)
    tmail (1.2.7.1)
    treetop (1.4.10)
      polyglot
      polyglot (>= 0.3.1)
    twilio-ruby (3.3.1)
      builder (>= 2.1.2)
      jwt (>= 0.1.2)
      multi_json (>= 1.0.3)
    twitter (0.9.4)
      hashie (~> 0.2.0)
      httparty (~> 0.5.2)
      json (~> 1.2.3)
      oauth (~> 0.3.6)
    tzinfo (0.3.29)
    will_paginate (3.0.0)
    xmpp4r (0.5)
    xpath (0.1.4)
      nokogiri (~> 1.3)

PLATFORMS
  ruby

DEPENDENCIES
  amqp
  blather (= 0.4.15)
  capybara
  ci_reporter
  daemon_controller
  daemons
  database_cleaner
  decent_exposure
  dynamic_form
  eventmachine
  factory_girl (~> 2.6)
  fakefs!
  ffaker
  guard-rspec
  guard-spork
  guard-test
  guid
  jquery-rails (>= 1.0.12)
  json
  machinist
  memcache-client
  mocha
  mysql
  nokogiri
  qst_client
  rails (= 3.0.9)
  rb-inotify
  rest-client
  rgviz
  rgviz-rails
  rspec-rails
  ruby-cache
  ruby-smpp (= 0.2.1)
  smart_asset
  spork!
  test-unit
  thoughtbot-shoulda
  tmail
  twilio-ruby
  twitter (= 0.9.4)
  will_paginate (~> 3.0)
  xmpp4r
