GIT
  remote: https://github.com/instedd/ruby-smpp.git
  revision: bdbebae0bda8533aa03162e838ea9628ddbee5dc
  branch: fixes
  specs:
    ruby-smpp (0.6.0)
      eventmachine (>= 0.10.0)

GEM
  remote: http://rubygems.org/
  specs:
    abstract (1.0.0)
    actionmailer (3.0.9)
      actionpack (= 3.0.9)
      mail (~> 2.2.19)
    actionpack (3.0.9)
      activemodel (= 3.0.9)
      activesupport (= 3.0.9)
      builder (~> 2.1.2)
      erubis (~> 2.6.6)
      i18n (~> 0.5.0)
      rack (~> 1.2.1)
      rack-mount (~> 0.6.14)
      rack-test (~> 0.5.7)
      tzinfo (~> 0.3.23)
    activemodel (3.0.9)
      activesupport (= 3.0.9)
      builder (~> 2.1.2)
      i18n (~> 0.5.0)
    activerecord (3.0.9)
      activemodel (= 3.0.9)
      activesupport (= 3.0.9)
      arel (~> 2.0.10)
      tzinfo (~> 0.3.23)
    activeresource (3.0.9)
      activemodel (= 3.0.9)
      activesupport (= 3.0.9)
    activesupport (3.0.9)
    amqp (0.7.4)
      eventmachine
    arel (2.0.10)
    blather (0.5.3)
      activesupport (>= 3.0.7)
      eventmachine (~> 0.12.6)
      minitest (>= 1.7.1)
      niceogiri (>= 0.0.4)
      nokogiri (>= 1.4.0)
    builder (2.1.2)
    ci_reporter (1.6.5)
      builder (>= 2.1.2)
    crack (0.1.6)
    daemon_controller (0.2.5)
    daemons (1.1.0)
    decent_exposure (1.0.1)
    dynamic_form (1.1.4)
    erubis (2.6.6)
      abstract (>= 1.0.0)
    eventmachine (0.12.10)
    ffaker (1.8.0)
    foreman (0.60.2)
      thor (>= 0.13.6)
    guid (0.1.1)
    hashie (0.2.2)
    httparty (0.5.2)
      crack (= 0.1.6)
    i18n (0.5.0)
    jquery-rails (1.0.13)
      railties (~> 3.0)
      thor (~> 0.14)
    json (1.2.4)
    jwt (0.1.3)
      json (>= 1.2.4)
    licit (0.2.1)
    machinist (1.0.6)
    mail (2.2.19)
      activesupport (>= 2.3.6)
      i18n (>= 0.4.0)
      mime-types (~> 1.16)
      treetop (~> 1.4.8)
    memcache-client (1.8.5)
    mime-types (1.16)
    minitest (2.7.0)
    mocha (0.9.12)
    multi_json (1.0.3)
    mysql2 (0.2.18)
    niceogiri (0.0.4)
      nokogiri (>= 1.4.0)
    nokogiri (1.5.5)
    oauth (0.3.6)
      ruby-hmac (>= 0.3.1)
    polyglot (0.3.2)
    qst_client (0.5)
      httparty
    rack (1.2.3)
    rack-mount (0.6.14)
      rack (>= 1.0.0)
    rack-test (0.5.7)
      rack (>= 1.0)
    rails (3.0.9)
      actionmailer (= 3.0.9)
      actionpack (= 3.0.9)
      activerecord (= 3.0.9)
      activeresource (= 3.0.9)
      activesupport (= 3.0.9)
      bundler (~> 1.0)
      railties (= 3.0.9)
    railties (3.0.9)
      actionpack (= 3.0.9)
      activesupport (= 3.0.9)
      rake (>= 0.8.7)
      rdoc (~> 3.4)
      thor (~> 0.14.4)
    rake (0.9.2)
    rdoc (3.9.2)
    rest-client (1.6.3)
      mime-types (>= 1.16)
    rgviz (0.42)
    rgviz-rails (0.48)
      rgviz
    ruby-cache (0.3.0)
    ruby-hmac (0.4.0)
    smart_asset (0.5.4)
    test-unit (2.3.2)
    thor (0.14.6)
    thoughtbot-shoulda (2.11.1)
    treetop (1.4.10)
      polyglot
      polyglot (>= 0.3.1)
    twilio-ruby (3.3.1)
      builder (>= 2.1.2)
      jwt (>= 0.1.2)
      multi_json (>= 1.0.3)
    twitter (0.9.4)
      hashie (~> 0.2.0)
      httparty (~> 0.5.2)
      json (~> 1.2.3)
      oauth (~> 0.3.6)
    tzinfo (0.3.29)
    will_paginate (3.0.0)
    xmpp4r (0.5)

PLATFORMS
  ruby

DEPENDENCIES
  amqp
  blather
  ci_reporter
  daemon_controller
  daemons
  decent_exposure
  dynamic_form
  eventmachine
  ffaker
  foreman
  guid
  jquery-rails (>= 1.0.12)
  json
  licit
  machinist
  mail
  memcache-client
  mocha
  mysql2 (< 0.3)
  nokogiri (>= 1.5.5)
  qst_client
  rails (= 3.0.9)
  rest-client
  rgviz
  rgviz-rails
  ruby-cache
  ruby-smpp!
  smart_asset
  test-unit
  thoughtbot-shoulda
  twilio-ruby
  twitter (= 0.9.4)
  will_paginate (~> 3.0)
  xmpp4r
