GEM
  remote: http://rubygems.org/
  specs:
    abstract (1.0.0)
    actionmailer (3.0.9)
      actionpack (= 3.0.9)
      mail (~> 2.2.19)
    actionpack (3.0.9)
      activemodel (= 3.0.9)
      activesupport (= 3.0.9)
      builder (~> 2.1.2)
      erubis (~> 2.6.6)
      i18n (~> 0.5.0)
      rack (~> 1.2.1)
      rack-mount (~> 0.6.14)
      rack-test (~> 0.5.7)
      tzinfo (~> 0.3.23)
    activemodel (3.0.9)
      activesupport (= 3.0.9)
      builder (~> 2.1.2)
      i18n (~> 0.5.0)
    activerecord (3.0.9)
      activemodel (= 3.0.9)
      activesupport (= 3.0.9)
      arel (~> 2.0.10)
      tzinfo (~> 0.3.23)
    activeresource (3.0.9)
      activemodel (= 3.0.9)
      activesupport (= 3.0.9)
    activesupport (3.0.9)
    addressable (2.2.6)
    amqp (0.7.4)
      eventmachine
    arel (2.0.10)
    blather (0.5.7)
      activesupport (>= 3.0.7)
      eventmachine (~> 0.12.6)
      niceogiri (>= 0.0.4)
      nokogiri (~> 1.4.0)
    builder (2.1.2)
    capybara (1.0.1)
      mime-types (>= 1.16)
      nokogiri (>= 1.3.3)
      rack (>= 1.0.0)
      rack-test (>= 0.5.4)
      selenium-webdriver (~> 2.0)
      xpath (~> 0.1.4)
    childprocess (0.2.1)
      ffi (~> 1.0.6)
    ci_reporter (1.6.5)
      builder (>= 2.1.2)
    crack (0.1.6)
    cucumber (0.8.7)
      builder (~> 2.1.2)
      diff-lcs (~> 1.1.2)
      gherkin (~> 2.1.4)
      json_pure (~> 1.4.3)
      term-ansicolor (~> 1.0.4)
    cucumber-rails (0.3.2)
      cucumber (>= 0.8.0)
    daemon_controller (0.2.5)
    daemons (1.1.0)
    database_cleaner (0.6.7)
    decent_exposure (1.0.1)
    diff-lcs (1.1.2)
    dynamic_form (1.1.4)
    em-http-request (0.3.0)
      addressable (>= 2.0.0)
      escape_utils
      eventmachine (>= 0.12.9)
    em-net-http (0.3.5)
      addressable
      em-http-request (>= 0.2.10)
      eventmachine (>= 0.12.10)
      rake
    erubis (2.6.6)
      abstract (>= 1.0.0)
    escape_utils (0.2.4)
    eventmachine (0.12.10)
    ffaker (1.8.0)
    ffi (1.0.9)
    gherkin (2.1.5)
      trollop (~> 1.16.2)
    guid (0.1.1)
    hashie (0.2.2)
    httparty (0.5.2)
      crack (= 0.1.6)
    i18n (0.5.0)
    jquery-rails (1.0.13)
      railties (~> 3.0)
      thor (~> 0.14)
    json (1.2.4)
    json_pure (1.4.6)
    jwt (0.1.3)
      json (>= 1.2.4)
    libxml-ruby (2.2.1)
    machinist (1.0.6)
    mail (2.2.19)
      activesupport (>= 2.3.6)
      i18n (>= 0.4.0)
      mime-types (~> 1.16)
      treetop (~> 1.4.8)
    memcache-client (1.8.5)
    memcached (1.3)
    mime-types (1.16)
    mocha (0.9.12)
    multi_json (1.0.3)
    mysql2 (0.2.13)
    niceogiri (0.0.4)
      nokogiri (>= 1.4.0)
    nokogiri (1.4.7)
    oauth (0.3.6)
      ruby-hmac (>= 0.3.1)
    polyglot (0.3.2)
    qst_client (0.5)
      httparty
    rack (1.2.3)
    rack-mount (0.6.14)
      rack (>= 1.0.0)
    rack-test (0.5.7)
      rack (>= 1.0)
    rails (3.0.9)
      actionmailer (= 3.0.9)
      actionpack (= 3.0.9)
      activerecord (= 3.0.9)
      activeresource (= 3.0.9)
      activesupport (= 3.0.9)
      bundler (~> 1.0)
      railties (= 3.0.9)
    railties (3.0.9)
      actionpack (= 3.0.9)
      activesupport (= 3.0.9)
      rake (>= 0.8.7)
      rdoc (~> 3.4)
      thor (~> 0.14.4)
    rake (0.9.2)
    rdoc (3.9.2)
    rest-client (1.6.3)
      mime-types (>= 1.16)
    rgviz (0.42)
    rgviz-rails (0.48)
      rgviz
    ruby-cache (0.3.0)
    ruby-hmac (0.4.0)
    ruby-smpp (0.2.1)
      eventmachine (>= 0.10.0)
    rubyzip (0.9.4)
    selenium-webdriver (2.4.0)
      childprocess (>= 0.2.1)
      ffi (>= 1.0.7)
      json_pure
      rubyzip
    smart_asset (0.5.4)
    term-ansicolor (1.0.6)
    test-unit (2.3.2)
    thor (0.14.6)
    thoughtbot-shoulda (2.11.1)
    treetop (1.4.10)
      polyglot
      polyglot (>= 0.3.1)
    trollop (1.16.2)
    twilio-ruby (3.3.1)
      builder (>= 2.1.2)
      jwt (>= 0.1.2)
      multi_json (>= 1.0.3)
    twitter (0.9.4)
      hashie (~> 0.2.0)
      httparty (~> 0.5.2)
      json (~> 1.2.3)
      oauth (~> 0.3.6)
    tzinfo (0.3.29)
    will_paginate (3.0.0)
    xmpp4r (0.5)
    xpath (0.1.4)
      nokogiri (~> 1.3)

PLATFORMS
  ruby

DEPENDENCIES
  amqp
  blather (= 0.5.7)
  capybara (>= 0.3.5)
  ci_reporter
  cucumber
  cucumber-rails (>= 0.3.1)
  daemon_controller
  daemons
  database_cleaner (>= 0.5.0)
  decent_exposure
  dynamic_form
  em-net-http
  eventmachine
  ffaker
  guid
  jquery-rails (>= 1.0.12)
  json
  libxml-ruby
  machinist
  mail
  memcache-client
  memcached
  mocha
  mysql2 (= 0.2.13)
  nokogiri
  qst_client
  rails (= 3.0.9)
  rest-client
  rgviz
  rgviz-rails
  ruby-cache
  ruby-smpp (= 0.2.1)
  smart_asset
  test-unit
  thoughtbot-shoulda
  twilio-ruby
  twitter (= 0.9.4)
  will_paginate (~> 3.0)
  xmpp4r
