GIT
  remote: https://github.com/instedd/ruby-smpp.git
  revision: ef520f69ec11b0bded9f887e5d15b0557dc9628a
  branch: array_pack
  specs:
    ruby-smpp (0.6.0)
      eventmachine (>= 0.10.0)

GEM
  remote: http://rubygems.org/
  specs:
    abstract (1.0.0)
    actionmailer (3.0.19)
      actionpack (= 3.0.19)
      mail (~> 2.2.19)
    actionpack (3.0.19)
      activemodel (= 3.0.19)
      activesupport (= 3.0.19)
      builder (~> 2.1.2)
      erubis (~> 2.6.6)
      i18n (~> 0.5.0)
      rack (~> 1.2.5)
      rack-mount (~> 0.6.14)
      rack-test (~> 0.5.7)
      tzinfo (~> 0.3.23)
    activemodel (3.0.19)
      activesupport (= 3.0.19)
      builder (~> 2.1.2)
      i18n (~> 0.5.0)
    activerecord (3.0.19)
      activemodel (= 3.0.19)
      activesupport (= 3.0.19)
      arel (~> 2.0.10)
      tzinfo (~> 0.3.23)
    activeresource (3.0.19)
      activemodel (= 3.0.19)
      activesupport (= 3.0.19)
    activesupport (3.0.19)
    amqp (0.7.4)
      eventmachine
    arel (2.0.10)
    blather (0.5.3)
      activesupport (>= 3.0.7)
      eventmachine (~> 0.12.6)
      minitest (>= 1.7.1)
      niceogiri (>= 0.0.4)
      nokogiri (>= 1.4.0)
    builder (2.1.2)
    ci_reporter (1.6.5)
      builder (>= 2.1.2)
    coderay (1.0.8)
    columnize (0.3.6)
    crack (0.1.6)
    daemon_controller (0.2.5)
    daemons (1.1.0)
    debugger (1.1.4)
      columnize (>= 0.3.1)
      debugger-linecache (~> 1.1.1)
      debugger-ruby_core_source (~> 1.1.3)
    debugger-linecache (1.1.2)
      debugger-ruby_core_source (>= 1.1.1)
    debugger-ruby_core_source (1.1.4)
    decent_exposure (1.0.1)
    dynamic_form (1.1.4)
    em-msn (0.7)
      eventmachine
      guid
      nokogiri
      rest-client
    erubis (2.6.6)
      abstract (>= 1.0.0)
    eventmachine (0.12.10)
    faraday (0.8.5)
      multipart-post (~> 1.1)
    ffaker (1.8.0)
    foreman (0.60.2)
      thor (>= 0.13.6)
    guid (0.1.1)
    httparty (0.5.2)
      crack (= 0.1.6)
    i18n (0.5.0)
    jquery-rails (1.0.13)
      railties (~> 3.0)
      thor (~> 0.14)
    json (1.7.6)
    jwt (0.1.3)
      json (>= 1.2.4)
    licit (0.2.1)
    machinist (1.0.6)
    mail (2.2.19)
      activesupport (>= 2.3.6)
      i18n (>= 0.4.0)
      mime-types (~> 1.16)
      treetop (~> 1.4.8)
    memcache-client (1.8.5)
    method_source (0.8.1)
    mime-types (1.19)
    minitest (2.7.0)
    mocha (0.9.12)
    multi_json (1.5.0)
    multipart-post (1.1.5)
    mysql2 (0.2.18)
    newrelic_rpm (3.5.6.46)
    niceogiri (0.0.4)
      nokogiri (>= 1.4.0)
    nokogiri (1.5.5)
    oauth (0.4.7)
    polyglot (0.3.3)
    pry (0.9.10)
      coderay (~> 1.0.5)
      method_source (~> 0.8)
      slop (~> 3.3.1)
    pry-debugger (0.2.0)
      debugger (~> 1.1.3)
      pry (~> 0.9.9)
    qst_client (0.5)
      httparty
    rack (1.2.6)
    rack-mount (0.6.14)
      rack (>= 1.0.0)
    rack-test (0.5.7)
      rack (>= 1.0)
    rails (3.0.19)
      actionmailer (= 3.0.19)
      actionpack (= 3.0.19)
      activerecord (= 3.0.19)
      activeresource (= 3.0.19)
      activesupport (= 3.0.19)
      bundler (~> 1.0)
      railties (= 3.0.19)
    railties (3.0.19)
      actionpack (= 3.0.19)
      activesupport (= 3.0.19)
      rake (>= 0.8.7)
      rdoc (~> 3.4)
      thor (~> 0.14.4)
    rake (10.0.3)
    rdoc (3.9.4)
    rest-client (1.6.7)
      mime-types (>= 1.16)
    rgviz (0.42)
    rgviz-rails (0.48)
      rgviz
    ruby-cache (0.3.0)
    simple_oauth (0.2.0)
    slop (3.3.3)
    smart_asset (0.5.4)
    test-unit (2.3.2)
    thor (0.14.6)
    thoughtbot-shoulda (2.11.1)
    treetop (1.4.12)
      polyglot
      polyglot (>= 0.3.1)
    twilio-ruby (3.3.1)
      builder (>= 2.1.2)
      jwt (>= 0.1.2)
      multi_json (>= 1.0.3)
    twitter (4.5.0)
      faraday (~> 0.8, < 0.10)
      multi_json (~> 1.0)
      simple_oauth (~> 0.2)
    twitter_oauth (0.4.4)
      json (>= 1.1.9)
      mime-types (>= 1.16)
      oauth (>= 0.4.1)
    tzinfo (0.3.35)
    will_paginate (3.0.0)
    xmpp4r (0.5)

PLATFORMS
  ruby

DEPENDENCIES
  amqp
  blather
  ci_reporter
  daemon_controller
  daemons
  decent_exposure
  dynamic_form
  em-msn (>= 0.7)
  eventmachine
  ffaker
  foreman
  guid
  jquery-rails (>= 1.0.12)
  json
  licit
  machinist
  mail
  memcache-client
  mocha
  multi_json (~> 1.3)
  mysql2 (< 0.3)
  newrelic_rpm
  nokogiri (>= 1.5.5)
  pry-debugger
  qst_client
  rails (= 3.0.19)
  rest-client
  rgviz
  rgviz-rails
  ruby-cache
  ruby-smpp!
  smart_asset
  test-unit
  thoughtbot-shoulda
  twilio-ruby
  twitter
  twitter_oauth
  will_paginate (~> 3.0)
  xmpp4r
